PATH
  remote: .
  specs:
    blinky (0.0.12)
      chicanery (~> 0.1.8)
      libusb (~> 0.6.3)

GEM
  remote: https://rubygems.org/
  specs:
    chicanery (0.1.8)
      colorize (~> 0)
      nokogiri (~> 1)
    colorize (0.8.1)
    diff-lcs (1.3)
    ffi (1.9.23)
    libusb (0.6.3)
      ffi (~> 1.0)
      mini_portile2 (~> 2.1)
    mini_portile2 (2.3.0)
    nokogiri (1.8.2)
      mini_portile2 (~> 2.3.0)
    rake (12.3.1)
    rspec (3.7.0)
      rspec-core (~> 3.7.0)
      rspec-expectations (~> 3.7.0)
      rspec-mocks (~> 3.7.0)
    rspec-core (3.7.1)
      rspec-support (~> 3.7.0)
    rspec-expectations (3.7.0)
      diff-lcs (>= 1.2.0, < 2.0)
      rspec-support (~> 3.7.0)
    rspec-mocks (3.7.0)
      diff-lcs (>= 1.2.0, < 2.0)
      rspec-support (~> 3.7.0)
    rspec-support (3.7.1)

PLATFORMS
  ruby

DEPENDENCIES
  blinky!
  rake (~> 12.3.1)
  rspec (~> 3.7.0)

BUNDLED WITH
   1.16.1
